GEM
  specs:
    contest (0.1.2)
    rack (1.2.1)
    sinatra (1.2.6)
      rack (~> 1.1)
      tilt (< 2.0, >= 1.2.2)
    tilt (1.3)

PLATFORMS
  ruby

DEPENDENCIES
  contest
  sinatra (~> 1.2.6)
